GEM
  remote: http://rubygems.org/
  specs:
    actionmailer (2.3.5)
      actionpack (= 2.3.5)
    actionpack (2.3.5)
      activesupport (= 2.3.5)
      rack (~> 1.0.0)
    activerecord (2.3.5)
      activesupport (= 2.3.5)
    activeresource (2.3.5)
      activesupport (= 2.3.5)
    activesupport (2.3.5)
    hobo (1.0.2)
      hobofields (= 1.0.2)
      hobosupport (= 1.0.2)
      rails (>= 2.2.2, < 3.0.0)
      will_paginate (>= 2.3.11, ~> 2)
    hobofields (1.0.2)
      hobosupport (= 1.0.2)
      rails (>= 2.2.2, < 3.0.0)
    hobosupport (1.0.2)
    rack (1.0.1)
    rails (2.3.5)
      actionmailer (= 2.3.5)
      actionpack (= 2.3.5)
      activerecord (= 2.3.5)
      activeresource (= 2.3.5)
      activesupport (= 2.3.5)
      rake (>= 0.8.3)
    rake (0.8.7)
    sqlite3 (1.3.3)
    sqlite3-ruby (1.3.3)
      sqlite3 (>= 1.3.3)
    will_paginate (2.3.15)

PLATFORMS
  ruby

DEPENDENCIES
  hobo
  rails (~> 2.3.5)
  sqlite3-ruby
